GEM
  remote: https://rubygems.org/
  specs:
    json (2.3.1)
    mini_portile2 (2.5.1)
    mqtt (0.5.0)
    nokogiri (1.11.4)
      mini_portile2 (~> 2.5.0)
      racc (~> 1.4)
    racc (1.5.2)

PLATFORMS
  ruby

DEPENDENCIES
  json
  mqtt
  nokogiri

BUNDLED WITH
   2.1.4
