GEM
  remote: https://rubygems.org/
  specs:
    json (2.3.1)
    mini_portile2 (2.4.0)
    mqtt (0.5.0)
    nokogiri (1.10.9)
      mini_portile2 (~> 2.4.0)

PLATFORMS
  ruby

DEPENDENCIES
  json
  mqtt
  nokogiri

BUNDLED WITH
   2.1.4
