GEM
  remote: https://rubygems.org/
  specs:
    json (2.3.1)
    mini_portile2 (2.8.1)
    mqtt (0.5.0)
    nokogiri (1.14.3)
      mini_portile2 (~> 2.8.0)
      racc (~> 1.4)
    racc (1.6.2)

PLATFORMS
  ruby

DEPENDENCIES
  json
  mqtt
  nokogiri

BUNDLED WITH
   2.1.4
